GEM
  remote: http://rubygems.org/
  specs:
    abstract (1.0.0)
    actionmailer (3.0.11)
      actionpack (= 3.0.11)
      mail (~> 2.2.19)
    actionpack (3.0.11)
      activemodel (= 3.0.11)
      activesupport (= 3.0.11)
      builder (~> 2.1.2)
      erubis (~> 2.6.6)
      i18n (~> 0.5.0)
      rack (~> 1.2.1)
      rack-mount (~> 0.6.14)
      rack-test (~> 0.5.7)
      tzinfo (~> 0.3.23)
    activemodel (3.0.11)
      activesupport (= 3.0.11)
      builder (~> 2.1.2)
      i18n (~> 0.5.0)
    activerecord (3.0.11)
      activemodel (= 3.0.11)
      activesupport (= 3.0.11)
      arel (~> 2.0.10)
      tzinfo (~> 0.3.23)
    activeresource (3.0.11)
      activemodel (= 3.0.11)
      activesupport (= 3.0.11)
    activesupport (3.0.11)
    acts_as_commentable (3.0.1)
    acts_as_list-rails3 (0.0.4)
    addressable (2.2.6)
    ancestry (1.2.4)
      activerecord (>= 2.2.2)
    archive-tar-minitar (0.5.2)
    arel (2.0.10)
    bcrypt-ruby (3.0.1)
    builder (2.1.2)
    cancan (1.6.7)
    capybara (1.1.2)
      mime-types (>= 1.16)
      nokogiri (>= 1.3.3)
      rack (>= 1.0.0)
      rack-test (>= 0.5.4)
      selenium-webdriver (~> 2.0)
      xpath (~> 0.1.4)
    capybara-firebug (0.0.10)
      capybara (~> 1.0)
    cells (3.8.0)
      actionpack (~> 3.0)
      railties (~> 3.0)
    cells-filters (0.0.1)
      cells
      hooks
    childprocess (0.2.4)
      ffi (~> 1.0.6)
    ckeditor (3.6.3)
      mime-types (~> 1.16)
      orm_adapter (~> 0.0.5)
    cocaine (0.2.1)
    columnize (0.3.6)
    cucumber (1.1.4)
      builder (>= 2.1.2)
      diff-lcs (>= 1.1.2)
      gherkin (~> 2.7.1)
      json (>= 1.4.6)
      term-ansicolor (>= 1.0.6)
    cucumber-rails (1.2.1)
      capybara (>= 1.1.2)
      cucumber (>= 1.1.3)
      nokogiri (>= 1.5.0)
    database_cleaner (0.7.0)
    deadweight (0.2.1)
      nokogiri
    devise (1.5.0)
      bcrypt-ruby (~> 3.0)
      orm_adapter (~> 0.0.3)
      warden (~> 1.1)
    diff-lcs (1.1.3)
    erubis (2.6.6)
      abstract (>= 1.0.0)
    factory_girl (2.3.2)
      activesupport
    ffi (1.0.11)
    gherkin (2.7.1)
      json (>= 1.4.6)
    gravatar_image_tag (1.0.0)
    growl_notify (0.0.3)
      rb-appscript
    guard (0.10.0)
      ffi (>= 0.5.0)
      thor (~> 0.14.6)
    guard-cucumber (0.7.4)
      cucumber (>= 0.10)
      guard (>= 0.8.3)
    hashie (1.2.0)
    hooks (0.2.0)
    i18n (0.5.0)
    jquery-rails (1.0.18)
      railties (~> 3.0)
      thor (~> 0.14)
    json (1.6.4)
    launchy (2.0.5)
      addressable (~> 2.2.6)
    linecache19 (0.5.12)
      ruby_core_source (>= 0.1.4)
    mail (2.2.19)
      activesupport (>= 2.3.6)
      i18n (>= 0.4.0)
      mime-types (~> 1.16)
      treetop (~> 1.4.8)
    mime-types (1.17.2)
    multi_json (1.0.4)
    mysql2 (0.2.6)
    nokogiri (1.5.0)
    omniauth (1.0.0)
      hashie (~> 1.2)
      rack
    orm_adapter (0.0.5)
    paperclip (2.4.5)
      activerecord (>= 2.3.0)
      activesupport (>= 2.3.2)
      cocaine (>= 0.0.2)
      mime-types
    pg (0.11.0)
    polyglot (0.3.3)
    rack (1.2.4)
    rack-mount (0.6.14)
      rack (>= 1.0.0)
    rack-test (0.5.7)
      rack (>= 1.0)
    railroady (1.0.4)
    rails (3.0.11)
      actionmailer (= 3.0.11)
      actionpack (= 3.0.11)
      activerecord (= 3.0.11)
      activeresource (= 3.0.11)
      activesupport (= 3.0.11)
      bundler (~> 1.0)
      railties (= 3.0.11)
    railties (3.0.11)
      actionpack (= 3.0.11)
      activesupport (= 3.0.11)
      rake (>= 0.8.7)
      rdoc (~> 3.4)
      thor (~> 0.14.4)
    rake (0.9.2)
    rb-appscript (0.6.1)
    rdoc (3.12)
      json (~> 1.4)
    recaptcha-rails3 (0.3.4)
      recaptcha-rails3
    rspec (2.7.0)
      rspec-core (~> 2.7.0)
      rspec-expectations (~> 2.7.0)
      rspec-mocks (~> 2.7.0)
    rspec-core (2.7.1)
    rspec-expectations (2.7.0)
      diff-lcs (~> 1.1.2)
    rspec-mocks (2.7.0)
    rspec-rails (2.7.0)
      actionpack (~> 3.0)
      activesupport (~> 3.0)
      railties (~> 3.0)
      rspec (~> 2.7.0)
    ruby-debug-base19 (0.11.25)
      columnize (>= 0.3.1)
      linecache19 (>= 0.5.11)
      ruby_core_source (>= 0.1.4)
    ruby-debug19 (0.11.6)
      columnize (>= 0.3.1)
      linecache19 (>= 0.5.11)
      ruby-debug-base19 (>= 0.11.19)
    ruby_core_source (0.1.5)
      archive-tar-minitar (>= 0.5.2)
    rubyzip (0.9.5)
    selenium-webdriver (2.15.0)
      childprocess (>= 0.2.1)
      ffi (~> 1.0.9)
      multi_json (~> 1.0.4)
      rubyzip
    sqlite3 (1.3.4)
    string-utils (0.2.0)
    term-ansicolor (1.0.7)
    themes_for_rails (0.4.2)
      rails (~> 3.0.0)
      themes_for_rails
    thor (0.14.6)
    treetop (1.4.10)
      polyglot
      polyglot (>= 0.3.1)
    tzinfo (0.3.31)
    warden (1.1.0)
      rack (>= 1.0)
    webrat (0.7.3)
      nokogiri (>= 1.2.0)
      rack (>= 1.0)
      rack-test (>= 0.5.3)
    will_paginate (3.0.2)
    xpath (0.1.4)
      nokogiri (~> 1.3)

PLATFORMS
  ruby

DEPENDENCIES
  acts_as_commentable (= 3.0.1)
  acts_as_list-rails3 (= 0.0.4)
  ancestry (= 1.2.4)
  cancan (= 1.6.7)
  capybara (= 1.1.2)
  capybara-firebug (= 0.0.10)
  cells (= 3.8.0)
  cells-filters (= 0.0.1)
  ckeditor (= 3.6.3)
  cucumber (= 1.1.4)
  cucumber-rails (= 1.2.1)
  database_cleaner (= 0.7.0)
  deadweight (>= 0.2.1)
  devise (= 1.5.0)
  factory_girl
  gravatar_image_tag (= 1.0.0)
  growl_notify
  guard
  guard-cucumber
  jquery-rails (= 1.0.18)
  launchy
  mysql2 (= 0.2.6)
  omniauth (= 1.0.0)
  paperclip (= 2.4.5)
  pg (= 0.11.0)
  rack (= 1.2.4)
  railroady
  rails (= 3.0.11)
  rake (= 0.9.2)
  recaptcha-rails3 (= 0.3.4)
  rspec (= 2.7.0)
  rspec-rails (= 2.7.0)
  ruby-debug19 (~> 0.11.6)
  sqlite3 (= 1.3.4)
  string-utils (= 0.2.0)
  themes_for_rails (= 0.4.2)
  webrat (= 0.7.3)
  will_paginate (= 3.0.2)
